GEM
  remote: https://rubygems.org/
  specs:
    activesupport (4.2.6)
      i18n (~> 0.7)
      json (~> 1.7, >= 1.7.7)
      minitest (~> 5.1)
      thread_safe (~> 0.3, >= 0.3.4)
      tzinfo (~> 1.1)
    clockwork (1.2.1)
      activesupport
      tzinfo
    i18n (0.7.0)
    json (1.8.3)
    minitest (5.9.0)
    retryable (2.0.3)
    thread_safe (0.3.5)
    tzinfo (1.2.2)
      thread_safe (~> 0.1)

PLATFORMS
  ruby

DEPENDENCIES
  clockwork (= 1.2.1)
  retryable (= 2.0.3)

BUNDLED WITH
   1.11.2
